GIT
  remote: https://github.com/akicho8/rain_table.git
  revision: 630ac3c007f74d1bb9a91ebc79e65ffe1325ec41
  specs:
    rain_table (0.1.1)
      activesupport

GIT
  remote: https://github.com/akicho8/tree_support.git
  revision: 2ebe5fee47feac6befd7325afb7be1842244eed1
  specs:
    tree_support (0.0.2)
      GraphvizR

PATH
  remote: /Users/ikeda/src/albatro
  specs:
    albatro (0.1.0)
      activesupport
      amazon-ecs
      google-search
      rspec
      sanitize
      twitter_oauth
      yard
      yard-rspec
      yard-rubicle

PATH
  remote: /Users/ikeda/src/albatro/vendor/mecab-ruby-0.996
  specs:
    mecab-ruby (0.99)

GEM
  remote: https://rubygems.org/
  specs:
    GraphvizR (0.5.1)
      hoe (>= 1.2.0)
    activesupport (3.2.13)
      i18n (= 0.6.1)
      multi_json (~> 1.0)
    amazon-ecs (2.2.4)
      nokogiri (~> 1.4)
      ruby-hmac (~> 0.3)
    diff-lcs (1.2.4)
    ffi (1.8.1)
    google-search (1.0.3)
      json
    hoe (3.6.1)
      rake (>= 0.8, < 11.0)
    i18n (0.6.1)
    json (1.8.0)
    mime-types (1.23)
    multi_json (1.7.3)
    net-ping (1.6.0)
      ffi (>= 1.0.0)
    nokogiri (1.5.9)
    oauth (0.4.7)
    rake (10.0.4)
    rsdl (0.1.4)
    rspec (2.13.0)
      rspec-core (~> 2.13.0)
      rspec-expectations (~> 2.13.0)
      rspec-mocks (~> 2.13.0)
    rspec-core (2.13.1)
    rspec-expectations (2.13.0)
      diff-lcs (>= 1.1.3, < 2.0)
    rspec-mocks (2.13.1)
    ruby-hmac (0.4.0)
    rubysdl (2.1.2)
    sanitize (2.0.3)
      nokogiri (>= 1.4.4, < 1.6)
    twitter_oauth (0.4.4)
      json (>= 1.1.9)
      mime-types (>= 1.16)
      oauth (>= 0.4.1)
    yard (0.8.6.1)
    yard-rspec (0.1)
      yard
    yard-rubicle (0.1.1)
      yard

PLATFORMS
  ruby

DEPENDENCIES
  albatro!
  mecab-ruby (>= 0.99)!
  net-ping
  rain_table!
  rsdl
  rubysdl
  tree_support!
